GEM
  remote: http://rubygems.org/
  specs:
    foreman (0.60.0)
      thor (>= 0.13.6)
    rack (1.4.1)
    thor (0.16.0)

PLATFORMS
  ruby

DEPENDENCIES
  foreman
  rack
